PATH
  remote: .
  specs:
    sqlite_extensions-uuid (0.0.1)

GEM
  remote: https://rubygems.org/
  specs:
    rake (13.2.1)
    rake-compiler (1.2.8)
      rake
    sqlite3 (2.1.0-x86_64-linux-gnu)

PLATFORMS
  x86_64-linux-gnu

DEPENDENCIES
  rake
  rake-compiler
  sqlite3 (~> 2.1.0)
  sqlite_extensions-uuid!

BUNDLED WITH
   2.5.21
